PATH
  remote: .
  specs:
    wils_palindrome (0.1.0)

GEM
  remote: https://rubygems.org/
  specs:
    minitest (5.22.3)
    rake (13.2.1)

PLATFORMS
  arm64-darwin-23
  ruby

DEPENDENCIES
  minitest (~> 5.16)
  rake (~> 13.0)
  wils_palindrome!

BUNDLED WITH
   2.3.10
